STORAGE: NONE
STRATEGY: MIN
RESTRICTION: == net6.0
NUGET
  remote: https://api.nuget.org/v3/index.json
    Fable.AST (4.2.1)
    Fable.Browser.Blob (1.1.4)
      Fable.Core (>= 3.0)
      FSharp.Core (>= 4.7.2)
    Fable.Browser.Dom (2.4.4)
      Fable.Browser.Blob (>= 1.1.4)
      Fable.Browser.Event (>= 1.4.4)
      Fable.Browser.WebStorage (>= 1.0.4)
      Fable.Core (>= 3.0)
      FSharp.Core (>= 4.7.2)
    Fable.Browser.Event (1.4.4)
      Fable.Browser.Gamepad (>= 1.0.3)
      Fable.Core (>= 3.0)
      FSharp.Core (>= 4.7.2)
    Fable.Browser.Gamepad (1.0.3)
      Fable.Core (>= 3.0)
      FSharp.Core (>= 4.7.2)
    Fable.Browser.WebStorage (1.0.4)
      Fable.Browser.Event (>= 1.4.4)
      Fable.Core (>= 3.0)
      FSharp.Core (>= 4.7.2)
    Fable.Core (4.0)
    Fable.Elmish (4.0)
      Fable.Core (>= 3.7.1)
      FSharp.Core (>= 4.7.2)
    Fable.Elmish.HMR (7.0)
      Fable.Core (>= 3.7.1)
      Fable.Elmish.React (>= 4.0)
      FSharp.Core (>= 4.7.2)
    Fable.Elmish.React (4.0)
      Fable.Elmish (>= 4.0)
      Fable.ReactDom.Types (>= 18.0)
      FSharp.Core (>= 4.7.2)
    Fable.FontAwesome (3.0)
      Fable.Core (>= 3.7.1)
      Fable.React (>= 9.2)
    Fable.FontAwesome.Free (3.0)
      Fable.Core (>= 3.7.1)
      Fable.FontAwesome (>= 3.0)
      Fable.React (>= 9.2)
    Fable.React (9.3)
      Fable.React.Types (>= 18.3)
      Fable.ReactDom.Types (>= 18.2)
      FSharp.Core (>= 4.7.2)
    Fable.React.Types (18.3)
      Fable.Browser.Dom (>= 2.4.4)
      Fable.Core (>= 3.2.7)
      FSharp.Core (>= 4.7.2)
    Fable.ReactDom.Types (18.2)
      Fable.React.Types (>= 18.3)
      FSharp.Core (>= 4.7.2)
    Feliz (2.6)
      Fable.ReactDom.Types (>= 18.2)
      Feliz.CompilerPlugins (>= 2.2)
      FSharp.Core (>= 4.7.2)
    Feliz.CompilerPlugins (2.2)
      Fable.AST (>= 4.2.1)
      FSharp.Core (>= 4.7.2)
    FParsec (1.1.1)
      FSharp.Core (>= 4.3.4)
    FSharp.Core (6.0.7)
    Fuchu (1.1)
      FSharp.Core (>= 4.3.4)
    Fulma (3.0)
      Fable.Core (>= 3.7.1)
      Fable.React (>= 9.2)
    HtmlAgilityPack (1.11.51)
    Microsoft.Extensions.DependencyInjection.Abstractions (3.1.4)
    Microsoft.NETCore.Platforms (3.1)
    Microsoft.Win32.SystemEvents (4.7)
      Microsoft.NETCore.Platforms (>= 3.1)
    Newtonsoft.Json (12.0.3)
    Newtonsoft.Json.Bson (1.0.2)
      Newtonsoft.Json (>= 12.0.1)
    System.Drawing.Common (4.7)
      Microsoft.NETCore.Platforms (>= 3.1)
      Microsoft.Win32.SystemEvents (>= 4.7)
    TextCopy (4.2)
      Microsoft.Extensions.DependencyInjection.Abstractions (>= 3.1.4)
    YamlDotNet (8.1.2)
  remote: https://gitlab.com/api/v4/projects/28574921/packages/nuget/index.json
    Farkdown (0.2.0)
      FParsec (>= 1.1.1)
      FSharpMyExt (>= 2.0.0-prerelease.3)
      FUniversalParser (>= 0.2)
      HtmlAgilityPack (>= 1.11.51)
    FSharpMyExt (2.0.0-prerelease.3)
      FParsec (>= 1.1.1)
      FSharp.Core (>= 4.7.2)
      Fuchu (>= 1.1)
      HtmlAgilityPack (>= 1.11.24)
      Newtonsoft.Json (>= 12.0.3)
      Newtonsoft.Json.Bson (>= 1.0.2)
      System.Drawing.Common (>= 4.7)
      TextCopy (>= 4.2)
      YamlDotNet (>= 8.1.2)
    FUniversalParser (0.2.0)
      FSharpMyExt (>= 2.0.0-prerelease.2)
    IfEngine (1.4.0)
      Farkdown (>= 0.2.0-prerelease)
      FSharp.Core (>= 5.0.1)
      FSharpMyExt (>= 2.0.0-prerelease.3)
    IfEngine.Fable (2.0.0-prerelease.1.1)
      Fable.Core (>= 4.0)
      Fable.FontAwesome.Free (>= 3.0)
      Fable.React (>= 9.3)
      Feliz (>= 2.6)
      FSharp.Core (>= 5.0.1)
      FSharpMyExt (>= 2.0.0-prerelease.3)
      Fulma (>= 3.0)
      IfEngine (>= 1.4.0-prerelease)
